PATH
  remote: .
  specs:
    simplenote (0.2.1)
      httparty (= 0.6.0)

GEM
  remote: http://rubygems.org/
  specs:
    crack (0.1.7)
    fakeweb (1.3.0)
    git (1.2.5)
    httparty (0.6.0)
      crack (= 0.1.7)
    jeweler (1.6.0)
      bundler (~> 1.0.0)
      git (>= 1.2.5)
      rake
    rake (0.8.7)
    shoulda (2.11.3)
    vcr (1.9.0)

PLATFORMS
  ruby

DEPENDENCIES
  fakeweb
  jeweler
  shoulda
  simplenote!
  vcr
